GIT
  remote: https://github.com/cloudfoundry/common.git
  revision: bcfeca6c2e831e57fd5327eda5fa077868e1ad2b
  ref: bcfeca6c
  specs:
    em-posix-spawn (0.1.3)
      eventmachine
      posix-spawn

GIT
  remote: https://github.com/cloudfoundry/eventmachine.git
  revision: 2806c630d8631d5dcf9fb2555f665b829052aabe
  branch: release-0.12.11-cf
  specs:
    eventmachine (0.12.11.cloudfoundry.3)

GIT
  remote: https://github.com/cloudfoundry/steno.git
  revision: b81279b3c1804bc6bf61acf724187d459b1ea8d3
  specs:
    steno (0.0.13)
      grape
      yajl-ruby

GIT
  remote: https://github.com/cloudfoundry/vcap-common.git
  revision: 72b230b6c0dfa491368bfd2f72d3527c4c1cdf29
  ref: 72b230b6
  specs:
    vcap_common (1.0.4)
      eventmachine (~> 0.12.11.cloudfoundry.3)
      logging (>= 1.5.0)
      nats (~> 0.4.22.beta.4)
      posix-spawn (~> 0.3.6)
      thin (~> 1.3.1)
      yajl-ruby (~> 0.8.3)

GIT
  remote: https://github.com/cloudfoundry/warden.git
  revision: 1918b6250e09b08eb67bbe7397db1ac0f5211cd3
  ref: 1918b625
  specs:
    warden-client (0.0.6)
      warden-protocol

GIT
  remote: https://github.com/cloudfoundry/warden.git
  revision: adf39019ff43147f4b928030b78d93a690ed105d
  ref: adf39019
  specs:
    warden-protocol (0.0.5)
      beefcake

GEM
  remote: http://rubygems.org/
  specs:
    beefcake (0.3.7)
    daemons (1.1.8)
    diff-lcs (1.1.3)
    ffi (1.0.11)
    grape (0.2.1)
      hashie (~> 1.2)
      multi_json
      multi_xml
      rack
      rack-mount
    hashie (1.2.0)
    json_pure (1.7.3)
    little-plugger (1.1.3)
    logging (1.7.2)
      little-plugger (>= 1.1.3)
    multi_json (1.3.6)
    multi_xml (0.5.1)
    nats (0.4.22)
      daemons (>= 1.1.4)
      eventmachine (>= 0.12.10)
      json_pure (>= 1.6.1)
      thin (>= 1.3.1)
    posix-spawn (0.3.6)
    rack (1.4.1)
    rack-mount (0.8.3)
      rack (>= 1.0.0)
    rake (0.9.2.2)
    rspec (2.11.0)
      rspec-core (~> 2.11.0)
      rspec-expectations (~> 2.11.0)
      rspec-mocks (~> 2.11.0)
    rspec-core (2.11.0)
    rspec-expectations (2.11.1)
      diff-lcs (~> 1.1.3)
    rspec-mocks (2.11.1)
    sys-filesystem (1.0.0)
      ffi (>= 1.0.0)
    thin (1.3.1)
      daemons (>= 1.0.9)
      eventmachine (>= 0.12.6)
      rack (>= 1.0.0)
    yajl-ruby (0.8.3)

PLATFORMS
  ruby

DEPENDENCIES
  em-posix-spawn!
  eventmachine (= 0.12.11.cloudfoundry.3)!
  rake
  rspec
  steno!
  sys-filesystem
  vcap_common!
  warden-client!
  warden-protocol!
