GIT
  remote: https://github.com/cloudfoundry/common.git
  revision: 2f45a7ff9d82896704d12e3d37a7379fe2d80375
  specs:
    em-posix-spawn (0.1.6)
      eventmachine
      posix-spawn

GIT
  remote: https://github.com/cloudfoundry/membrane.git
  revision: b33b45c7b8a89af2b40aae1e1cb16e394877681f
  specs:
    membrane (0.0.3)

GIT
  remote: https://github.com/cloudfoundry/steno.git
  revision: e71a658f05b7cbf54006c3cc29db752cdfb192df
  specs:
    steno (0.0.15)
      grape
      yajl-ruby

GIT
  remote: https://github.com/cloudfoundry/warden.git
  revision: 968745ac412ba9ce1d8e490979b8c81e784770e0
  ref: 968745ac
  specs:
    warden-client (0.0.7)
      warden-protocol
    warden-protocol (0.0.11)
      beefcake

GEM
  remote: http://rubygems.org/
  specs:
    beefcake (0.3.7)
    diff-lcs (1.1.3)
    eventmachine (1.0.0)
    ffi (1.0.11)
    grape (0.2.1)
      hashie (~> 1.2)
      multi_json
      multi_xml
      rack
      rack-mount
    hashie (1.2.0)
    multi_json (1.3.6)
    multi_xml (0.5.1)
    posix-spawn (0.3.6)
    rack (1.4.1)
    rack-mount (0.8.3)
      rack (>= 1.0.0)
    rake (0.9.2.2)
    rspec (2.11.0)
      rspec-core (~> 2.11.0)
      rspec-expectations (~> 2.11.0)
      rspec-mocks (~> 2.11.0)
    rspec-core (2.11.0)
    rspec-expectations (2.11.1)
      diff-lcs (~> 1.1.3)
    rspec-mocks (2.11.1)
    sys-filesystem (1.0.0)
      ffi (>= 1.0.0)
    yajl-ruby (1.1.0)

PLATFORMS
  ruby

DEPENDENCIES
  em-posix-spawn!
  eventmachine (~> 1.0.0)
  membrane!
  rake
  rspec
  steno (~> 0.0.15)!
  sys-filesystem
  warden-client!
  warden-protocol!
