GIT
  remote: https://github.com/cloudfoundry/common.git
  revision: 309a39e1ff876efec3ec568fcc7e902d857f8107
  ref: 309a39e1
  specs:
    em-posix-spawn (0.0.6)
      eventmachine
      posix-spawn
    vcap_logging (1.0.2)
      rake

GIT
  remote: https://github.com/cloudfoundry/eventmachine.git
  revision: 2806c630d8631d5dcf9fb2555f665b829052aabe
  branch: release-0.12.11-cf
  specs:
    eventmachine (0.12.11.cloudfoundry.3)

GIT
  remote: https://github.com/cloudfoundry/vcap-common.git
  revision: 72b230b6c0dfa491368bfd2f72d3527c4c1cdf29
  ref: 72b230b6
  specs:
    vcap_common (1.0.4)
      eventmachine (~> 0.12.11.cloudfoundry.3)
      logging (>= 1.5.0)
      nats (~> 0.4.22.beta.4)
      posix-spawn (~> 0.3.6)
      thin (~> 1.3.1)
      yajl-ruby (~> 0.8.3)

GIT
  remote: https://github.com/cloudfoundry/warden.git
  revision: 3e94ec2e67352372b96f43d1f30f41e4a4bee1f9
  ref: 3e94ec2e
  specs:
    warden-client (0.0.2)
      yajl-ruby

PATH
  remote: ../warden-protocol
  specs:
    warden-protocol (0.0.1)
      beefcake

GEM
  remote: http://rubygems.org/
  specs:
    beefcake (0.3.7)
    daemons (1.1.8)
    diff-lcs (1.1.3)
    json_pure (1.7.3)
    little-plugger (1.1.3)
    logging (1.7.2)
      little-plugger (>= 1.1.3)
    nats (0.4.22)
      daemons (>= 1.1.4)
      eventmachine (>= 0.12.10)
      json_pure (>= 1.6.1)
      thin (>= 1.3.1)
    posix-spawn (0.3.6)
    rack (1.4.1)
    rake (0.9.2.2)
    rspec (2.8.0)
      rspec-core (~> 2.8.0)
      rspec-expectations (~> 2.8.0)
      rspec-mocks (~> 2.8.0)
    rspec-core (2.8.0)
    rspec-expectations (2.8.0)
      diff-lcs (~> 1.1.2)
    rspec-mocks (2.8.0)
    thin (1.3.1)
      daemons (>= 1.0.9)
      eventmachine (>= 0.12.6)
      rack (>= 1.0.0)
    yajl-ruby (0.8.3)

PLATFORMS
  ruby

DEPENDENCIES
  em-posix-spawn!
  eventmachine (= 0.12.11.cloudfoundry.3)!
  rake
  rspec
  vcap_common!
  vcap_logging!
  warden-client!
  warden-protocol!
