GIT
  remote: https://github.com/cloudfoundry/common.git
  revision: 018bee883fc22fa92bee3626d68bea2d7a1a514d
  specs:
    em-posix-spawn (0.1.4)
      eventmachine
      posix-spawn

GIT
  remote: https://github.com/cloudfoundry/eventmachine.git
  revision: 2806c630d8631d5dcf9fb2555f665b829052aabe
  branch: release-0.12.11-cf
  specs:
    eventmachine (0.12.11.cloudfoundry.3)

GIT
  remote: https://github.com/cloudfoundry/membrane.git
  revision: b33b45c7b8a89af2b40aae1e1cb16e394877681f
  specs:
    membrane (0.0.3)

GIT
  remote: https://github.com/cloudfoundry/steno.git
  revision: e71a658f05b7cbf54006c3cc29db752cdfb192df
  specs:
    steno (0.0.15)
      grape
      yajl-ruby

GIT
  remote: https://github.com/cloudfoundry/vcap-common.git
  revision: 72b230b6c0dfa491368bfd2f72d3527c4c1cdf29
  ref: 72b230b6
  specs:
    vcap_common (1.0.4)
      eventmachine (~> 0.12.11.cloudfoundry.3)
      logging (>= 1.5.0)
      nats (~> 0.4.22.beta.4)
      posix-spawn (~> 0.3.6)
      thin (~> 1.3.1)
      yajl-ruby (~> 0.8.3)

GIT
  remote: https://github.com/cloudfoundry/warden.git
  revision: d8c00be63adf481e5a55440ec4fd1a80c0d0b2fa
  ref: d8c00be
  specs:
    warden-client (0.0.7)
      warden-protocol
    warden-protocol (0.0.9)
      beefcake

GEM
  remote: http://rubygems.org/
  specs:
    beefcake (0.3.7)
    daemons (1.1.8)
    diff-lcs (1.1.3)
    ffi (1.0.11)
    grape (0.2.1)
      hashie (~> 1.2)
      multi_json
      multi_xml
      rack
      rack-mount
    hashie (1.2.0)
    json_pure (1.7.3)
    little-plugger (1.1.3)
    logging (1.7.2)
      little-plugger (>= 1.1.3)
    multi_json (1.3.6)
    multi_xml (0.5.1)
    nats (0.4.22)
      daemons (>= 1.1.4)
      eventmachine (>= 0.12.10)
      json_pure (>= 1.6.1)
      thin (>= 1.3.1)
    posix-spawn (0.3.6)
    rack (1.4.1)
    rack-mount (0.8.3)
      rack (>= 1.0.0)
    rake (0.9.2.2)
    rspec (2.11.0)
      rspec-core (~> 2.11.0)
      rspec-expectations (~> 2.11.0)
      rspec-mocks (~> 2.11.0)
    rspec-core (2.11.0)
    rspec-expectations (2.11.1)
      diff-lcs (~> 1.1.3)
    rspec-mocks (2.11.1)
    sys-filesystem (1.0.0)
      ffi (>= 1.0.0)
    thin (1.3.1)
      daemons (>= 1.0.9)
      eventmachine (>= 0.12.6)
      rack (>= 1.0.0)
    yajl-ruby (0.8.3)

PLATFORMS
  ruby

DEPENDENCIES
  em-posix-spawn!
  eventmachine (= 0.12.11.cloudfoundry.3)!
  membrane!
  rake
  rspec
  steno (~> 0.0.15)!
  sys-filesystem
  vcap_common!
  warden-client!
  warden-protocol!
