GIT
  remote: https://github.com/cloudfoundry/common.git
  revision: f96f540a0b6d6a56e451dc92bbd3055234e92ee9
  ref: f96f540a
  specs:
    em-posix-spawn (0.1.2)
      eventmachine
      posix-spawn
    vcap_logging (1.0.2)
      rake

GIT
  remote: https://github.com/cloudfoundry/eventmachine.git
  revision: 2806c630d8631d5dcf9fb2555f665b829052aabe
  branch: release-0.12.11-cf
  specs:
    eventmachine (0.12.11.cloudfoundry.3)

GIT
  remote: https://github.com/cloudfoundry/vcap-common.git
  revision: 72b230b6c0dfa491368bfd2f72d3527c4c1cdf29
  ref: 72b230b6
  specs:
    vcap_common (1.0.4)
      eventmachine (~> 0.12.11.cloudfoundry.3)
      logging (>= 1.5.0)
      nats (~> 0.4.22.beta.4)
      posix-spawn (~> 0.3.6)
      thin (~> 1.3.1)
      yajl-ruby (~> 0.8.3)

GIT
  remote: https://github.com/cloudfoundry/warden.git
  revision: c139f4cc97a3e434d28d9911c358971e97b333b9
  ref: c139f4cc
  specs:
    warden-protocol (0.0.3)
      beefcake

GIT
  remote: https://github.com/cloudfoundry/warden.git
  revision: e64cc7863b61a0b9a1884a288df2d919234d8ec8
  ref: e64cc7863
  specs:
    warden-client (0.0.4)
      warden-protocol

GEM
  remote: http://rubygems.org/
  specs:
    beefcake (0.3.7)
    daemons (1.1.8)
    diff-lcs (1.1.3)
    ffi (1.0.11)
    json_pure (1.7.3)
    little-plugger (1.1.3)
    logging (1.7.2)
      little-plugger (>= 1.1.3)
    nats (0.4.22)
      daemons (>= 1.1.4)
      eventmachine (>= 0.12.10)
      json_pure (>= 1.6.1)
      thin (>= 1.3.1)
    posix-spawn (0.3.6)
    rack (1.4.1)
    rake (0.9.2.2)
    rspec (2.11.0)
      rspec-core (~> 2.11.0)
      rspec-expectations (~> 2.11.0)
      rspec-mocks (~> 2.11.0)
    rspec-core (2.11.0)
    rspec-expectations (2.11.1)
      diff-lcs (~> 1.1.3)
    rspec-mocks (2.11.1)
    sys-filesystem (1.0.0)
      ffi (>= 1.0.0)
    thin (1.3.1)
      daemons (>= 1.0.9)
      eventmachine (>= 0.12.6)
      rack (>= 1.0.0)
    yajl-ruby (0.8.3)

PLATFORMS
  ruby

DEPENDENCIES
  em-posix-spawn!
  eventmachine (= 0.12.11.cloudfoundry.3)!
  rake
  rspec
  sys-filesystem
  vcap_common!
  vcap_logging!
  warden-client!
  warden-protocol!
